GEM
  remote: https://rubygems.org/
  specs:
    actioncable (5.2.6)
      actionpack (= 5.2.6)
      nio4r (~> 2.0)
      websocket-driver (>= 0.6.1)
    actionmailer (5.2.6)
      actionpack (= 5.2.6)
      actionview (= 5.2.6)
      activejob (= 5.2.6)
      mail (~> 2.5, >= 2.5.4)
      rails-dom-testing (~> 2.0)
    actionpack (5.2.6)
      actionview (= 5.2.6)
      activesupport (= 5.2.6)
      rack (~> 2.0, >= 2.0.8)
      rack-test (>= 0.6.3)
      rails-dom-testing (~> 2.0)
      rails-html-sanitizer (~> 1.0, >= 1.0.2)
    actionview (5.2.6)
      activesupport (= 5.2.6)
      builder (~> 3.1)
      erubi (~> 1.4)
      rails-dom-testing (~> 2.0)
      rails-html-sanitizer (~> 1.0, >= 1.0.3)
    active_storage_base64 (0.1.4)
      rails (~> 5.2)
    activeadmin (2.9.0)
      arbre (~> 1.2, >= 1.2.1)
      formtastic (>= 3.1, < 5.0)
      formtastic_i18n (~> 0.4)
      inherited_resources (~> 1.7)
      jquery-rails (~> 4.2)
      kaminari (~> 1.0, >= 1.2.1)
      railties (>= 5.2, < 6.2)
      ransack (~> 2.1, >= 2.1.1)
    activejob (5.2.6)
      activesupport (= 5.2.6)
      globalid (>= 0.3.6)
    activemodel (5.2.6)
      activesupport (= 5.2.6)
    activerecord (5.2.6)
      activemodel (= 5.2.6)
      activesupport (= 5.2.6)
      arel (>= 9.0)
    activestorage (5.2.6)
      actionpack (= 5.2.6)
      activerecord (= 5.2.6)
      marcel (~> 1.0.0)
    activesupport (5.2.6)
      concurrent-ruby (~> 1.0, >= 1.0.2)
      i18n (>= 0.7, < 2)
      minitest (~> 5.1)
      tzinfo (~> 1.1)
    addressable (2.7.0)
      public_suffix (>= 2.0.2, < 5.0)
    arbre (1.4.0)
      activesupport (>= 3.0.0, < 6.2)
      ruby2_keywords (>= 0.0.2, < 1.0)
    arel (9.0.0)
    autoprefixer-rails (10.2.5.1)
      execjs (> 0)
    aws-eventstream (1.1.1)
    aws-partitions (1.464.0)
    aws-sdk-core (3.114.0)
      aws-eventstream (~> 1, >= 1.0.2)
      aws-partitions (~> 1, >= 1.239.0)
      aws-sigv4 (~> 1.1)
      jmespath (~> 1.0)
    aws-sdk-kms (1.43.0)
      aws-sdk-core (~> 3, >= 3.112.0)
      aws-sigv4 (~> 1.1)
    aws-sdk-s3 (1.95.1)
      aws-sdk-core (~> 3, >= 3.112.0)
      aws-sdk-kms (~> 1)
      aws-sigv4 (~> 1.1)
    aws-sigv4 (1.2.3)
      aws-eventstream (~> 1, >= 1.0.2)
    bcrypt (3.1.16)
    bootsnap (1.7.5)
      msgpack (~> 1.0)
    bootstrap (4.4.1)
      autoprefixer-rails (>= 9.1.0)
      popper_js (>= 1.14.3, < 2)
      sassc-rails (>= 2.0.0)
    builder (3.2.4)
    byebug (11.1.3)
    concurrent-ruby (1.1.8)
    crass (1.0.6)
    devise (4.8.0)
      bcrypt (~> 3.0)
      orm_adapter (~> 0.1)
      railties (>= 4.1.0)
      responders
      warden (~> 1.2.3)
    diff-lcs (1.4.4)
    erubi (1.10.0)
    excon (0.82.0)
    execjs (2.8.1)
    factory_bot (4.8.2)
      activesupport (>= 3.0.0)
    factory_bot_rails (4.8.2)
      factory_bot (~> 4.8.2)
      railties (>= 3.0.0)
    faker (2.18.0)
      i18n (>= 1.6, < 2)
    faraday (1.4.2)
      faraday-em_http (~> 1.0)
      faraday-em_synchrony (~> 1.0)
      faraday-excon (~> 1.1)
      faraday-net_http (~> 1.0)
      faraday-net_http_persistent (~> 1.1)
      multipart-post (>= 1.2, < 3)
      ruby2_keywords (>= 0.0.4)
    faraday-em_http (1.0.0)
    faraday-em_synchrony (1.0.0)
    faraday-excon (1.1.0)
    faraday-net_http (1.0.1)
    faraday-net_http_persistent (1.1.0)
    faraday_middleware (1.0.0)
      faraday (~> 1.0)
    ffi (1.15.1)
    fog-aws (3.10.0)
      fog-core (~> 2.1)
      fog-json (~> 1.1)
      fog-xml (~> 0.1)
      ipaddress (~> 0.8)
    fog-core (2.2.4)
      builder
      excon (~> 0.71)
      formatador (~> 0.2)
      mime-types
    fog-json (1.2.0)
      fog-core
      multi_json (~> 1.10)
    fog-xml (0.1.3)
      fog-core
      nokogiri (>= 1.5.11, < 2.0.0)
    formatador (0.2.5)
    formtastic (4.0.0)
      actionpack (>= 5.2.0)
    formtastic_i18n (0.7.0)
    globalid (0.4.2)
      activesupport (>= 4.2.0)
    has_scope (0.8.0)
      actionpack (>= 5.2)
      activesupport (>= 5.2)
    i18n (1.8.10)
      concurrent-ruby (~> 1.0)
    inherited_resources (1.13.0)
      actionpack (>= 5.2, < 6.2)
      has_scope (~> 0.6)
      railties (>= 5.2, < 6.2)
      responders (>= 2, < 4)
    interactor (3.1.2)
    ipaddress (0.8.3)
    jbuilder (2.11.2)
      activesupport (>= 5.0.0)
    jmespath (1.4.0)
    jquery-rails (4.4.0)
      rails-dom-testing (>= 1, < 3)
      railties (>= 4.2.0)
      thor (>= 0.14, < 2.0)
    json-schema (2.8.1)
      addressable (>= 2.4)
    jwt (2.2.3)
    kaminari (1.2.1)
      activesupport (>= 4.1.0)
      kaminari-actionview (= 1.2.1)
      kaminari-activerecord (= 1.2.1)
      kaminari-core (= 1.2.1)
    kaminari-actionview (1.2.1)
      actionview
      kaminari-core (= 1.2.1)
    kaminari-activerecord (1.2.1)
      activerecord
      kaminari-core (= 1.2.1)
    kaminari-core (1.2.1)
    listen (3.1.5)
      rb-fsevent (~> 0.9, >= 0.9.4)
      rb-inotify (~> 0.9, >= 0.9.7)
      ruby_dep (~> 1.2)
    loofah (2.9.1)
      crass (~> 1.0.2)
      nokogiri (>= 1.5.9)
    mail (2.7.1)
      mini_mime (>= 0.1.1)
    marcel (1.0.1)
    method_source (1.0.0)
    mime-types (3.3.1)
      mime-types-data (~> 3.2015)
    mime-types-data (3.2021.0225)
    mini_mime (1.1.0)
    mini_portile2 (2.5.1)
    minitest (5.14.4)
    msgpack (1.4.2)
    multi_json (1.15.0)
    multipart-post (2.1.1)
    nio4r (2.5.7)
    nokogiri (1.11.6)
      mini_portile2 (~> 2.5.0)
      racc (~> 1.4)
    oj (3.11.5)
    orm_adapter (0.5.0)
    pg (1.2.3)
    pg_search (2.3.5)
      activerecord (>= 5.2)
      activesupport (>= 5.2)
    popper_js (1.16.0)
    public_suffix (4.0.6)
    puma (3.12.6)
    racc (1.5.2)
    rack (2.2.3)
    rack-cors (1.1.1)
      rack (>= 2.0.0)
    rack-proxy (0.6.5)
      rack
    rack-test (1.1.0)
      rack (>= 1.0, < 3)
    rails (5.2.6)
      actioncable (= 5.2.6)
      actionmailer (= 5.2.6)
      actionpack (= 5.2.6)
      actionview (= 5.2.6)
      activejob (= 5.2.6)
      activemodel (= 5.2.6)
      activerecord (= 5.2.6)
      activestorage (= 5.2.6)
      activesupport (= 5.2.6)
      bundler (>= 1.3.0)
      railties (= 5.2.6)
      sprockets-rails (>= 2.0.0)
    rails-dom-testing (2.0.3)
      activesupport (>= 4.2.0)
      nokogiri (>= 1.6)
    rails-html-sanitizer (1.3.0)
      loofah (~> 2.3)
    railties (5.2.6)
      actionpack (= 5.2.6)
      activesupport (= 5.2.6)
      method_source
      rake (>= 0.8.7)
      thor (>= 0.19.0, < 2.0)
    rake (13.0.3)
    ransack (2.4.2)
      activerecord (>= 5.2.4)
      activesupport (>= 5.2.4)
      i18n
    rb-fsevent (0.11.0)
    rb-inotify (0.10.1)
      ffi (~> 1.0)
    responders (3.0.1)
      actionpack (>= 5.0)
      railties (>= 5.0)
    rspec-core (3.9.3)
      rspec-support (~> 3.9.3)
    rspec-expectations (3.9.4)
      diff-lcs (>= 1.2.0, < 2.0)
      rspec-support (~> 3.9.0)
    rspec-mocks (3.9.1)
      diff-lcs (>= 1.2.0, < 2.0)
      rspec-support (~> 3.9.0)
    rspec-rails (3.9.1)
      actionpack (>= 3.0)
      activesupport (>= 3.0)
      railties (>= 3.0)
      rspec-core (~> 3.9.0)
      rspec-expectations (~> 3.9.0)
      rspec-mocks (~> 3.9.0)
      rspec-support (~> 3.9.0)
    rspec-support (3.9.4)
    rswag (2.4.0)
      rswag-api (= 2.4.0)
      rswag-specs (= 2.4.0)
      rswag-ui (= 2.4.0)
    rswag-api (2.4.0)
      railties (>= 3.1, < 7.0)
    rswag-specs (2.4.0)
      activesupport (>= 3.1, < 7.0)
      json-schema (~> 2.2)
      railties (>= 3.1, < 7.0)
    rswag-ui (2.4.0)
      actionpack (>= 3.1, < 7.0)
      railties (>= 3.1, < 7.0)
    ruby2_keywords (0.0.4)
    ruby_dep (1.5.0)
    sassc (2.4.0)
      ffi (~> 1.9)
    sassc-rails (2.1.2)
      railties (>= 4.0.0)
      sassc (>= 2.0)
      sprockets (> 3.0)
      sprockets-rails
      tilt
    semantic_range (3.0.0)
    sentry-raven (3.1.2)
      faraday (>= 1.0)
    spring (2.1.1)
    spring-watcher-listen (2.0.1)
      listen (>= 2.7, < 4.0)
      spring (>= 1.2, < 3.0)
    sprockets (4.0.2)
      concurrent-ruby (~> 1.0)
      rack (> 1, < 3)
    sprockets-rails (3.2.2)
      actionpack (>= 4.0)
      activesupport (>= 4.0)
      sprockets (>= 3.0.0)
    thor (1.1.0)
    thread_safe (0.3.6)
    tilt (2.0.10)
    tzinfo (1.2.9)
      thread_safe (~> 0.1)
    warden (1.2.9)
      rack (>= 2.0.9)
    webpacker (5.4.0)
      activesupport (>= 5.2)
      rack-proxy (>= 0.6.1)
      railties (>= 5.2)
      semantic_range (>= 2.3.0)
    websocket-driver (0.7.4)
      websocket-extensions (>= 0.1.0)
    websocket-extensions (0.1.5)

PLATFORMS
  ruby

DEPENDENCIES
  active_storage_base64
  activeadmin
  aws-sdk-s3
  bootsnap (>= 1.1.0)
  bootstrap (~> 4.4.1)
  byebug
  devise
  factory_bot_rails (= 4.8.2)
  faker
  faraday
  faraday_middleware
  fog-aws
  interactor
  jbuilder (~> 2.5)
  jwt
  listen (>= 3.0.5, < 3.2)
  nokogiri (>= 1.10.4)
  oj
  pg (>= 0.18, < 2.0)
  pg_search
  puma (~> 3.11)
  rack-cors
  rails (~> 5.2.3)
  rspec-rails (~> 3.8)
  rswag
  sentry-raven
  spring
  spring-watcher-listen (~> 2.0.0)
  tzinfo-data
  webpacker

RUBY VERSION
   ruby 2.7.3p183

BUNDLED WITH
   1.17.2
